PATH
  remote: .
  specs:
    swiff (0.0.2)

GEM
  remote: http://rubygems.org/
  specs:
    rake (0.8.7)
    thoughtbot-shoulda (2.11.1)

PLATFORMS
  ruby

DEPENDENCIES
  bundler (~> 1.0.0)
  rake (~> 0.8.7)
  swiff!
  thoughtbot-shoulda
